GEM
  remote: http://rubygems.org/
  specs:
    celluloid (0.16.0)
      timers (~> 4.0.0)
    columnize (0.8.9)
    debugger-linecache (1.2.0)
    debugger2 (1.0.0.beta2)
      columnize (>= 0.3.1)
      debugger-linecache (~> 1.2.0)
    elasticsearch (1.0.5)
      elasticsearch-api (= 1.0.5)
      elasticsearch-transport (= 1.0.5)
    elasticsearch-api (1.0.5)
      multi_json
    elasticsearch-transport (1.0.5)
      faraday
      multi_json
    excon (0.39.6)
    faraday (0.8.9)
      multipart-post (~> 1.2.0)
    faraday_middleware (0.9.1)
      faraday (>= 0.7.4, < 0.10)
    faraday_middleware-multi_json (0.0.6)
      faraday_middleware
      multi_json
    ffi (1.9.5)
    hashie (3.3.1)
    hitimes (1.2.2)
    listen (2.7.11)
      celluloid (>= 0.15.2)
      rb-fsevent (>= 0.9.3)
      rb-inotify (>= 0.9)
    multi_json (1.10.1)
    multipart-post (1.2.0)
    rack (1.5.2)
    rack-protection (1.5.3)
      rack
    rb-fsevent (0.9.4)
    rb-inotify (0.9.5)
      ffi (>= 0.5.0)
    rerun (0.10.0)
      listen (~> 2.7, >= 2.7.3)
    sinatra (1.4.5)
      rack (~> 1.4)
      rack-protection (~> 1.4)
      tilt (~> 1.3, >= 1.3.4)
    slim (2.0.3)
      temple (~> 0.6.6)
      tilt (>= 1.3.3, < 2.1)
    stretcher (1.21.1)
      excon (>= 0.16)
      faraday (~> 0.8)
      faraday_middleware (~> 0.9.0)
      faraday_middleware-multi_json (~> 0.0.5)
      hashie (>= 1.2.0)
      multi_json (>= 1.0)
    temple (0.6.8)
    tilt (1.4.1)
    timers (4.0.1)
      hitimes

PLATFORMS
  ruby

DEPENDENCIES
  debugger2
  elasticsearch
  faraday (= 0.8.9)
  rerun
  sinatra
  slim
  stretcher
